GEM
  remote: https://rubygems.org/
  specs:
    ast (2.3.0)
    chunky_png (1.3.8)
    coderay (1.1.1)
    diff-lcs (1.3)
    docile (1.1.5)
    ffi (1.9.18)
    json (2.0.3)
    memprof2 (0.1.1)
    method_source (0.8.2)
    mnist (0.1.0)
    parser (2.4.0.0)
      ast (~> 2.2)
    powerpack (0.1.1)
    progressbar (1.8.2)
    pry (0.10.4)
      coderay (~> 1.1.0)
      method_source (~> 0.8.1)
      slop (~> 3.4)
    pycall (0.1.0.alpha.20170419)
      ffi
    rack (1.6.5)
    rack-protection (1.5.3)
      rack
    rainbow (2.2.1)
    rspec (3.5.0)
      rspec-core (~> 3.5.0)
      rspec-expectations (~> 3.5.0)
      rspec-mocks (~> 3.5.0)
    rspec-core (3.5.4)
      rspec-support (~> 3.5.0)
    rspec-expectations (3.5.0)
      diff-lcs (>= 1.2.0, < 2.0)
      rspec-support (~> 3.5.0)
    rspec-mocks (3.5.0)
      diff-lcs (>= 1.2.0, < 2.0)
      rspec-support (~> 3.5.0)
    rspec-support (3.5.0)
    rubocop (0.48.1)
      parser (>= 2.3.3.1, < 3.0)
      powerpack (~> 0.1)
      rainbow (>= 1.99.1, < 3.0)
      ruby-progressbar (~> 1.7)
      unicode-display_width (~> 1.0, >= 1.0.1)
    ruby-progressbar (1.8.1)
    simplecov (0.14.1)
      docile (~> 1.1.0)
      json (>= 1.8, < 3)
      simplecov-html (~> 0.10.0)
    simplecov-html (0.10.0)
    sinatra (1.4.8)
      rack (~> 1.5)
      rack-protection (~> 1.4)
      tilt (>= 1.3, < 3)
    slim (3.0.7)
      temple (~> 0.7.6)
      tilt (>= 1.3.3, < 2.1)
    slop (3.6.0)
    temple (0.7.7)
    tilt (2.0.7)
    unicode-display_width (1.2.0)

PLATFORMS
  ruby

DEPENDENCIES
  chunky_png
  memprof2
  mnist
  progressbar
  pry
  pycall
  rspec
  rubocop
  simplecov
  sinatra
  slim

BUNDLED WITH
   1.14.6
